PATH
  remote: .
  specs:
    weather_today (0.1.0)
      paint

GEM
  remote: https://rubygems.org/
  specs:
    ast (2.4.2)
    coderay (1.1.3)
    colorize (0.8.1)
    dotenv (2.7.6)
    geocoder (1.6.5)
    httparty (0.18.1)
      mime-types (~> 3.0)
      multi_xml (>= 0.5.2)
    json (2.5.1)
    method_source (1.0.0)
    mime-types (3.3.1)
      mime-types-data (~> 3.2015)
    mime-types-data (3.2021.0212)
    multi_xml (0.6.0)
    news-api (0.2.0)
    open-uri (0.1.0)
    open-weather (0.11.0)
      json
    paint (2.2.1)
    parallel (1.20.1)
    parser (3.0.0.0)
      ast (~> 2.4.1)
    pry (0.14.0)
      coderay (~> 1.1)
      method_source (~> 1.0)
    rainbow (3.0.0)
    rake (13.0.3)
    regexp_parser (2.1.1)
    rexml (3.2.4)
    rubocop (1.10.0)
      parallel (~> 1.10)
      parser (>= 3.0.0.0)
      rainbow (>= 2.2.2, < 4.0)
      regexp_parser (>= 1.8, < 3.0)
      rexml
      rubocop-ast (>= 1.2.0, < 2.0)
      ruby-progressbar (~> 1.7)
      unicode-display_width (>= 1.4.0, < 3.0)
    rubocop-ast (1.4.1)
      parser (>= 2.7.1.5)
    ruby-progressbar (1.11.0)
    unicode-display_width (1.7.0)

PLATFORMS
  x86_64-darwin-18

DEPENDENCIES
  bundler
  colorize (~> 0.8.1)
  dotenv
  geocoder (~> 1.6, >= 1.6.5)
  httparty
  json
  news-api (~> 0.2.0)
  open-uri
  open-weather
  pry
  rake (~> 13.0)
  rubocop (~> 1.7)
  weather_today!

BUNDLED WITH
   2.2.6
